GEM
  remote: https://rubygems.org/
  specs:
    base64 (0.2.0)
    bindata (2.4.15)
    ip2location_ruby (8.7.3)
      bindata (~> 2.4.15)
    mustermann (3.0.3)
      ruby2_keywords (~> 0.0.1)
    nio4r (2.7.4)
    puma (6.5.0)
      nio4r (~> 2.0)
    rack (2.2.10)
    rack-protection (3.2.0)
      base64 (>= 0.1.0)
      rack (~> 2.2, >= 2.2.4)
    ruby2_keywords (0.0.5)
    rubyzip (2.4.1)
    sinatra (3.2.0)
      mustermann (~> 3.0)
      rack (~> 2.2, >= 2.2.4)
      rack-protection (= 3.2.0)
      tilt (~> 2.0)
    tilt (2.6.0)

DEPENDENCIES
  ip2location_ruby
  puma
  rubyzip
  sinatra

BUNDLED WITH
   2.4.19
